NUGET
  remote: https://www.nuget.org/api/v2
    Endorphin.Core (0.3.8)
      FSharp.Core
      log4net (>= 2.0 < 3.0)
    FSharp.Charting (0.90.14)
    FSharp.Control.Reactive (3.5)
      System.Reactive (>= 3.0)
    FSharp.Core (4.0.0.1) - redirects: force
    log4net (2.0.7)
      System.AppContext (>= 4.1) - framework: >= netstandard13
      System.Collections.NonGeneric (>= 4.0.1) - framework: >= netstandard13
      System.Console (>= 4.0) - framework: >= netstandard13
      System.Diagnostics.Debug (>= 4.0.11) - framework: >= netstandard13
      System.Diagnostics.Process (>= 4.1) - framework: >= netstandard13
      System.Diagnostics.StackTrace (>= 4.0.1) - framework: >= netstandard13
      System.Diagnostics.TraceSource (>= 4.0) - framework: >= netstandard13
      System.IO.FileSystem (>= 4.0.1) - framework: >= netstandard13
      System.IO.FileSystem.Watcher (>= 4.0) - framework: >= netstandard13
      System.Linq (>= 4.1) - framework: >= netstandard13
      System.Net.NameResolution (>= 4.0) - framework: >= netstandard13
      System.Net.Requests (>= 4.0.11) - framework: >= netstandard13
      System.Net.Sockets (>= 4.1) - framework: >= netstandard13
      System.Reflection (>= 4.3) - framework: >= netstandard13
      System.Reflection.Extensions (>= 4.0.1) - framework: >= netstandard13
      System.Reflection.TypeExtensions (>= 4.1) - framework: >= netstandard13
      System.Runtime.Extensions (>= 4.1) - framework: >= netstandard13
      System.Runtime.InteropServices (>= 4.1) - framework: >= netstandard13
      System.Runtime.InteropServices.RuntimeInformation (>= 4.0) - framework: >= netstandard13
      System.Runtime.Serialization.Formatters (>= 4.3) - framework: >= netstandard13
      System.Text.RegularExpressions (>= 4.1) - framework: >= netstandard13
      System.Threading (>= 4.0.11) - framework: >= netstandard13
      System.Threading.Thread (>= 4.0) - framework: >= netstandard13
      System.Threading.Timer (>= 4.0.1) - framework: >= netstandard13
      System.Xml.ReaderWriter (>= 4.0.11) - framework: >= netstandard13
      System.Xml.XmlDocument (>= 4.0.1) - framework: >= netstandard13
    Microsoft.NETCore.Platforms (1.1) - framework: netstandard10, >= netstandard12
    Microsoft.NETCore.Targets (1.1) - framework: netstandard10, >= netstandard12
    Microsoft.Win32.Primitives (4.3) - framework: >= netstandard13
      Microsoft.NETCore.Platforms (>= 1.1) - framework: >= netstandard13
      Microsoft.NETCore.Targets (>= 1.1) - framework: >= netstandard13
      System.Runtime (>= 4.3) - framework: >= netstandard13
    Microsoft.Win32.Registry (4.3) - framework: >= netstandard14
      Microsoft.NETCore.Platforms (>= 1.1) - framework: >= netstandard13
      System.Collections (>= 4.3) - framework: >= netstandard13
      System.Globalization (>= 4.3) - framework: >= netstandard13
      System.Resources.ResourceManager (>= 4.3) - framework: >= netstandard13
      System.Runtime (>= 4.3) - framework: >= netstandard13
      System.Runtime.Extensions (>= 4.3) - framework: >= netstandard13
      System.Runtime.Handles (>= 4.3) - framework: >= netstandard13
      System.Runtime.InteropServices (>= 4.3) - framework: >= netstandard13
    runtime.debian.8-x64.runtime.native.System.Security.Cryptography.OpenSsl (4.3) - framework: netstandard13, >= netstandard16
    runtime.fedora.23-x64.runtime.native.System.Security.Cryptography.OpenSsl (4.3) - framework: netstandard13, >= netstandard16
    runtime.fedora.24-x64.runtime.native.System.Security.Cryptography.OpenSsl (4.3) - framework: netstandard13, >= netstandard16
    runtime.native.System (4.3) - framework: >= netstandard13
      Microsoft.NETCore.Platforms (>= 1.1)
      Microsoft.NETCore.Targets (>= 1.1)
    runtime.native.System.IO.Compression (4.3) - framework: >= netstandard13
      Microsoft.NETCore.Platforms (>= 1.1)
      Microsoft.NETCore.Targets (>= 1.1)
    runtime.native.System.Net.Http (4.3) - framework: >= netstandard16
      Microsoft.NETCore.Platforms (>= 1.1)
      Microsoft.NETCore.Targets (>= 1.1)
    runtime.native.System.Security.Cryptography.Apple (4.3) - framework: >= netstandard16
      runtime.osx.10.10-x64.runtime.native.System.Security.Cryptography.Apple (>= 4.3)
    runtime.native.System.Security.Cryptography.OpenSsl (4.3) - framework: netstandard13, >= netstandard16
      runtime.debian.8-x64.runtime.native.System.Security.Cryptography.OpenSsl (>= 4.3)
      runtime.fedora.23-x64.runtime.native.System.Security.Cryptography.OpenSsl (>= 4.3)
      runtime.fedora.24-x64.runtime.native.System.Security.Cryptography.OpenSsl (>= 4.3)
      runtime.opensuse.13.2-x64.runtime.native.System.Security.Cryptography.OpenSsl (>= 4.3)
      runtime.opensuse.42.1-x64.runtime.native.System.Security.Cryptography.OpenSsl (>= 4.3)
      runtime.osx.10.10-x64.runtime.native.System.Security.Cryptography.OpenSsl (>= 4.3)
      runtime.rhel.7-x64.runtime.native.System.Security.Cryptography.OpenSsl (>= 4.3)
      runtime.ubuntu.14.04-x64.runtime.native.System.Security.Cryptography.OpenSsl (>= 4.3)
      runtime.ubuntu.16.04-x64.runtime.native.System.Security.Cryptography.OpenSsl (>= 4.3)
      runtime.ubuntu.16.10-x64.runtime.native.System.Security.Cryptography.OpenSsl (>= 4.3)
    runtime.opensuse.13.2-x64.runtime.native.System.Security.Cryptography.OpenSsl (4.3) - framework: netstandard13, >= netstandard16
    runtime.opensuse.42.1-x64.runtime.native.System.Security.Cryptography.OpenSsl (4.3) - framework: netstandard13, >= netstandard16
    runtime.osx.10.10-x64.runtime.native.System.Security.Cryptography.Apple (4.3) - framework: >= netstandard16
    runtime.osx.10.10-x64.runtime.native.System.Security.Cryptography.OpenSsl (4.3) - framework: netstandard13, >= netstandard16
    runtime.rhel.7-x64.runtime.native.System.Security.Cryptography.OpenSsl (4.3) - framework: netstandard13, >= netstandard16
    runtime.ubuntu.14.04-x64.runtime.native.System.Security.Cryptography.OpenSsl (4.3) - framework: netstandard13, >= netstandard16
    runtime.ubuntu.16.04-x64.runtime.native.System.Security.Cryptography.OpenSsl (4.3) - framework: netstandard13, >= netstandard16
    runtime.ubuntu.16.10-x64.runtime.native.System.Security.Cryptography.OpenSsl (4.3) - framework: netstandard13, >= netstandard16
    System.AppContext (4.3) - framework: >= netstandard13
      System.Runtime (>= 4.3) - framework: dnxcore50, netstandard13, >= netstandard16
    System.Buffers (4.3) - framework: >= netstandard13
      System.Diagnostics.Debug (>= 4.3) - framework: >= netstandard11
      System.Diagnostics.Tracing (>= 4.3) - framework: >= netstandard11
      System.Resources.ResourceManager (>= 4.3) - framework: >= netstandard11
      System.Runtime (>= 4.3) - framework: >= netstandard11
      System.Threading (>= 4.3) - framework: >= netstandard11
    System.Collections (4.3) - framework: >= netstandard13
      Microsoft.NETCore.Platforms (>= 1.1) - framework: dnxcore50, netstandard10, >= netstandard13
      Microsoft.NETCore.Targets (>= 1.1) - framework: dnxcore50, netstandard10, >= netstandard13
      System.Runtime (>= 4.3) - framework: dnxcore50, netstandard10, >= netstandard13
    System.Collections.Concurrent (4.3) - framework: netstandard13, >= netstandard16
      System.Collections (>= 4.3) - framework: dnxcore50, >= netstandard13
      System.Diagnostics.Debug (>= 4.3) - framework: dnxcore50, >= netstandard13
      System.Diagnostics.Tracing (>= 4.3) - framework: dnxcore50, >= netstandard13
      System.Globalization (>= 4.3) - framework: dnxcore50, >= netstandard13
      System.Reflection (>= 4.3) - framework: >= netstandard13
      System.Resources.ResourceManager (>= 4.3) - framework: dnxcore50, >= netstandard13
      System.Runtime (>= 4.3) - framework: dnxcore50, netstandard11, >= netstandard13
      System.Runtime.Extensions (>= 4.3) - framework: dnxcore50, >= netstandard13
      System.Threading (>= 4.3) - framework: dnxcore50, >= netstandard13
      System.Threading.Tasks (>= 4.3) - framework: dnxcore50, netstandard11, >= netstandard13
    System.Collections.Immutable (1.3.1) - framework: >= netstandard13
      System.Collections (>= 4.3) - framework: >= netstandard10
      System.Diagnostics.Debug (>= 4.3) - framework: >= netstandard10
      System.Globalization (>= 4.3) - framework: >= netstandard10
      System.Linq (>= 4.3) - framework: >= netstandard10
      System.Resources.ResourceManager (>= 4.3) - framework: >= netstandard10
      System.Runtime (>= 4.3) - framework: >= netstandard10
      System.Runtime.Extensions (>= 4.3) - framework: >= netstandard10
      System.Threading (>= 4.3) - framework: >= netstandard10
    System.Collections.NonGeneric (4.3) - framework: >= netstandard13
      System.Diagnostics.Debug (>= 4.3) - framework: >= netstandard13
      System.Globalization (>= 4.3) - framework: >= netstandard13
      System.Resources.ResourceManager (>= 4.3) - framework: >= netstandard13
      System.Runtime (>= 4.3) - framework: >= netstandard13
      System.Runtime.Extensions (>= 4.3) - framework: >= netstandard13
      System.Threading (>= 4.3) - framework: >= netstandard13
    System.Console (4.3) - framework: >= netstandard13
      Microsoft.NETCore.Platforms (>= 1.1) - framework: >= netstandard13
      Microsoft.NETCore.Targets (>= 1.1) - framework: >= netstandard13
      System.IO (>= 4.3) - framework: >= netstandard13
      System.Runtime (>= 4.3) - framework: >= netstandard13
      System.Text.Encoding (>= 4.3) - framework: >= netstandard13
    System.Diagnostics.Debug (4.3) - framework: >= netstandard13
      Microsoft.NETCore.Platforms (>= 1.1) - framework: dnxcore50, netstandard10, >= netstandard13
      Microsoft.NETCore.Targets (>= 1.1) - framework: dnxcore50, netstandard10, >= netstandard13
      System.Runtime (>= 4.3) - framework: dnxcore50, netstandard10, >= netstandard13
    System.Diagnostics.DiagnosticSource (4.3) - framework: netstandard13, >= netstandard16
      System.Collections (>= 4.3) - framework: netstandard11, >= netstandard13
      System.Diagnostics.Tracing (>= 4.3) - framework: netstandard11, >= netstandard13
      System.Reflection (>= 4.3) - framework: netstandard11, >= netstandard13
      System.Runtime (>= 4.3) - framework: netstandard11, >= netstandard13
      System.Threading (>= 4.3) - framework: netstandard11, >= netstandard13
    System.Diagnostics.Process (4.3) - framework: >= netstandard13
      Microsoft.NETCore.Platforms (>= 1.1) - framework: >= netstandard14
      Microsoft.Win32.Primitives (>= 4.3) - framework: >= netstandard14
      Microsoft.Win32.Registry (>= 4.3) - framework: >= netstandard14
      runtime.native.System (>= 4.3) - framework: >= netstandard14
      System.Collections (>= 4.3) - framework: >= netstandard14
      System.Diagnostics.Debug (>= 4.3) - framework: >= netstandard14
      System.Globalization (>= 4.3) - framework: >= netstandard14
      System.IO (>= 4.3) - framework: >= netstandard13
      System.IO.FileSystem (>= 4.3) - framework: >= netstandard14
      System.IO.FileSystem.Primitives (>= 4.3) - framework: >= netstandard14
      System.Resources.ResourceManager (>= 4.3) - framework: >= netstandard14
      System.Runtime (>= 4.3) - framework: >= netstandard13
      System.Runtime.Extensions (>= 4.3) - framework: >= netstandard14
      System.Runtime.Handles (>= 4.3) - framework: >= netstandard13
      System.Runtime.InteropServices (>= 4.3) - framework: >= netstandard14
      System.Text.Encoding (>= 4.3) - framework: >= netstandard13
      System.Text.Encoding.Extensions (>= 4.3) - framework: >= netstandard14
      System.Threading (>= 4.3) - framework: >= netstandard14
      System.Threading.Tasks (>= 4.3) - framework: >= netstandard14
      System.Threading.Thread (>= 4.3) - framework: >= netstandard14
      System.Threading.ThreadPool (>= 4.3) - framework: >= netstandard14
    System.Diagnostics.StackTrace (4.3) - framework: >= netstandard13
      System.IO.FileSystem (>= 4.3) - framework: >= netstandard13
      System.Reflection (>= 4.3) - framework: >= netstandard13
      System.Reflection.Metadata (>= 1.4.1) - framework: >= netstandard13
      System.Runtime (>= 4.3) - framework: >= netstandard13
    System.Diagnostics.TraceSource (4.3) - framework: >= netstandard13
      Microsoft.NETCore.Platforms (>= 1.1) - framework: >= netstandard13
      runtime.native.System (>= 4.3) - framework: >= netstandard13
      System.Collections (>= 4.3) - framework: >= netstandard13
      System.Diagnostics.Debug (>= 4.3) - framework: >= netstandard13
      System.Globalization (>= 4.3) - framework: >= netstandard13
      System.Resources.ResourceManager (>= 4.3) - framework: >= netstandard13
      System.Runtime (>= 4.3) - framework: >= netstandard13
      System.Runtime.Extensions (>= 4.3) - framework: >= netstandard13
      System.Threading (>= 4.3) - framework: >= netstandard13
    System.Diagnostics.Tracing (4.3) - framework: >= netstandard13
      Microsoft.NETCore.Platforms (>= 1.1) - framework: dnxcore50, netstandard11, netstandard12, netstandard13, >= netstandard15
      Microsoft.NETCore.Targets (>= 1.1) - framework: dnxcore50, netstandard11, netstandard12, netstandard13, >= netstandard15
      System.Runtime (>= 4.3) - framework: dnxcore50, netstandard11, netstandard12, netstandard13, >= netstandard15
    System.Globalization (4.3) - framework: >= netstandard13
      Microsoft.NETCore.Platforms (>= 1.1) - framework: dnxcore50, netstandard10, >= netstandard13
      Microsoft.NETCore.Targets (>= 1.1) - framework: dnxcore50, netstandard10, >= netstandard13
      System.Runtime (>= 4.3) - framework: dnxcore50, netstandard10, >= netstandard13
    System.Globalization.Calendars (4.3) - framework: >= netstandard16
      Microsoft.NETCore.Platforms (>= 1.1) - framework: >= netstandard13
      Microsoft.NETCore.Targets (>= 1.1) - framework: >= netstandard13
      System.Globalization (>= 4.3) - framework: >= netstandard13
      System.Runtime (>= 4.3) - framework: >= netstandard13
    System.Globalization.Extensions (4.3) - framework: >= netstandard16
      Microsoft.NETCore.Platforms (>= 1.1) - framework: >= netstandard13
      System.Globalization (>= 4.3) - framework: >= netstandard13
      System.Resources.ResourceManager (>= 4.3) - framework: >= netstandard13
      System.Runtime (>= 4.3) - framework: >= netstandard13
      System.Runtime.Extensions (>= 4.3) - framework: >= netstandard13
      System.Runtime.InteropServices (>= 4.3) - framework: >= netstandard13
    System.IO (4.3) - framework: >= netstandard13
      Microsoft.NETCore.Platforms (>= 1.1) - framework: dnxcore50, netstandard10, netstandard13, >= netstandard15
      Microsoft.NETCore.Targets (>= 1.1) - framework: dnxcore50, netstandard10, netstandard13, >= netstandard15
      System.Runtime (>= 4.3) - framework: dnxcore50, netstandard10, netstandard13, >= netstandard15
      System.Text.Encoding (>= 4.3) - framework: dnxcore50, netstandard10, netstandard13, >= netstandard15
      System.Threading.Tasks (>= 4.3) - framework: dnxcore50, netstandard10, netstandard13, >= netstandard15
    System.IO.Compression (4.3) - framework: >= netstandard13
      Microsoft.NETCore.Platforms (>= 1.1) - framework: >= netstandard13
      runtime.native.System (>= 4.3) - framework: >= netstandard13
      runtime.native.System.IO.Compression (>= 4.3) - framework: dnxcore50, >= netstandard13
      System.Buffers (>= 4.3) - framework: dnxcore50, >= netstandard13
      System.Collections (>= 4.3) - framework: dnxcore50, >= netstandard13
      System.Diagnostics.Debug (>= 4.3) - framework: dnxcore50, >= netstandard13
      System.IO (>= 4.3) - framework: dnxcore50, netstandard11, >= netstandard13
      System.Resources.ResourceManager (>= 4.3) - framework: dnxcore50, >= netstandard13
      System.Runtime (>= 4.3) - framework: dnxcore50, netstandard11, >= netstandard13
      System.Runtime.Extensions (>= 4.3) - framework: dnxcore50, >= netstandard13
      System.Runtime.Handles (>= 4.3) - framework: dnxcore50, >= netstandard13
      System.Runtime.InteropServices (>= 4.3) - framework: dnxcore50, >= netstandard13
      System.Text.Encoding (>= 4.3) - framework: dnxcore50, netstandard11, >= netstandard13
      System.Threading (>= 4.3) - framework: dnxcore50, >= netstandard13
      System.Threading.Tasks (>= 4.3) - framework: dnxcore50, >= netstandard13
    System.IO.FileSystem (4.3) - framework: >= netstandard13
      Microsoft.NETCore.Platforms (>= 1.1) - framework: >= netstandard13
      Microsoft.NETCore.Targets (>= 1.1) - framework: >= netstandard13
      System.IO (>= 4.3) - framework: >= netstandard13
      System.IO.FileSystem.Primitives (>= 4.3) - framework: >= net46, >= netstandard13
      System.Runtime (>= 4.3) - framework: >= netstandard13
      System.Runtime.Handles (>= 4.3) - framework: >= netstandard13
      System.Text.Encoding (>= 4.3) - framework: >= netstandard13
      System.Threading.Tasks (>= 4.3) - framework: >= netstandard13
    System.IO.FileSystem.Primitives (4.3) - framework: >= netstandard13
      System.Runtime (>= 4.3) - framework: >= netstandard13
    System.IO.FileSystem.Watcher (4.3) - framework: >= netstandard13
      Microsoft.NETCore.Platforms (>= 1.1) - framework: >= netstandard13
      Microsoft.Win32.Primitives (>= 4.3) - framework: >= netstandard13
      runtime.native.System (>= 4.3) - framework: >= netstandard13
      System.Collections (>= 4.3) - framework: >= netstandard13
      System.IO.FileSystem (>= 4.3) - framework: >= netstandard13
      System.IO.FileSystem.Primitives (>= 4.3) - framework: >= netstandard13
      System.Resources.ResourceManager (>= 4.3) - framework: >= netstandard13
      System.Runtime (>= 4.3) - framework: >= netstandard13
      System.Runtime.Extensions (>= 4.3) - framework: >= netstandard13
      System.Runtime.Handles (>= 4.3) - framework: >= netstandard13
      System.Runtime.InteropServices (>= 4.3) - framework: >= netstandard13
      System.Text.Encoding (>= 4.3) - framework: >= netstandard13
      System.Threading (>= 4.3) - framework: >= netstandard13
      System.Threading.Overlapped (>= 4.3) - framework: >= netstandard13
      System.Threading.Tasks (>= 4.3) - framework: >= netstandard13
      System.Threading.Thread (>= 4.3) - framework: >= netstandard13
    System.Linq (4.3) - framework: >= netstandard13
      System.Collections (>= 4.3) - framework: dnxcore50, netstandard10, >= netstandard16
      System.Diagnostics.Debug (>= 4.3) - framework: dnxcore50, >= netstandard16
      System.Resources.ResourceManager (>= 4.3) - framework: dnxcore50, >= netstandard16
      System.Runtime (>= 4.3) - framework: dnxcore50, netstandard10, >= netstandard16
      System.Runtime.Extensions (>= 4.3) - framework: dnxcore50, >= netstandard16
    System.Net.Http (4.3) - framework: >= netstandard13
      Microsoft.NETCore.Platforms (>= 1.1) - framework: dnxcore50, netstandard13, >= netstandard16
      Microsoft.Win32.Primitives (>= 4.3) - framework: netstandard13
      runtime.native.System (>= 4.3) - framework: >= netstandard16
      runtime.native.System.Net.Http (>= 4.3) - framework: >= netstandard16
      runtime.native.System.Security.Cryptography.OpenSsl (>= 4.3) - framework: >= netstandard16
      System.Collections (>= 4.3) - framework: dnxcore50, netstandard13, >= netstandard16
      System.Diagnostics.Debug (>= 4.3) - framework: dnxcore50, netstandard13, >= netstandard16
      System.Diagnostics.DiagnosticSource (>= 4.3) - framework: >= net46, dnxcore50, netstandard13, >= netstandard16
      System.Diagnostics.Tracing (>= 4.3) - framework: dnxcore50, netstandard13, >= netstandard16
      System.Globalization (>= 4.3) - framework: dnxcore50, netstandard13, >= netstandard16
      System.Globalization.Extensions (>= 4.3) - framework: >= netstandard16
      System.IO (>= 4.3) - framework: dnxcore50, netstandard11, netstandard13, >= netstandard16
      System.IO.Compression (>= 4.3) - framework: netstandard13
      System.IO.FileSystem (>= 4.3) - framework: >= netstandard16
      System.Net.Primitives (>= 4.3) - framework: dnxcore50, netstandard11, netstandard13, >= netstandard16
      System.Resources.ResourceManager (>= 4.3) - framework: dnxcore50, netstandard13, >= netstandard16
      System.Runtime (>= 4.3) - framework: dnxcore50, netstandard11, netstandard13, >= netstandard16
      System.Runtime.Extensions (>= 4.3) - framework: dnxcore50, netstandard13, >= netstandard16
      System.Runtime.Handles (>= 4.3) - framework: netstandard13, >= netstandard16
      System.Runtime.InteropServices (>= 4.3) - framework: dnxcore50, netstandard13, >= netstandard16
      System.Security.Cryptography.Algorithms (>= 4.3) - framework: >= netstandard16
      System.Security.Cryptography.Encoding (>= 4.3) - framework: >= netstandard16
      System.Security.Cryptography.OpenSsl (>= 4.3) - framework: >= netstandard16
      System.Security.Cryptography.Primitives (>= 4.3) - framework: >= netstandard16
      System.Security.Cryptography.X509Certificates (>= 4.3) - framework: >= net46, dnxcore50, netstandard13, >= netstandard16
      System.Text.Encoding (>= 4.3) - framework: dnxcore50, netstandard11, netstandard13, >= netstandard16
      System.Threading (>= 4.3) - framework: dnxcore50, netstandard13, >= netstandard16
      System.Threading.Tasks (>= 4.3) - framework: dnxcore50, netstandard11, netstandard13, >= netstandard16
    System.Net.NameResolution (4.3) - framework: >= netstandard13
      Microsoft.NETCore.Platforms (>= 1.1) - framework: dnxcore50, >= netstandard13
      runtime.native.System (>= 4.3) - framework: >= netstandard13
      System.Collections (>= 4.3) - framework: dnxcore50, >= netstandard13
      System.Diagnostics.Tracing (>= 4.3) - framework: dnxcore50, >= netstandard13
      System.Globalization (>= 4.3) - framework: dnxcore50, >= netstandard13
      System.Net.Primitives (>= 4.3) - framework: dnxcore50, >= netstandard13
      System.Resources.ResourceManager (>= 4.3) - framework: dnxcore50, >= netstandard13
      System.Runtime (>= 4.3) - framework: dnxcore50, >= netstandard13
      System.Runtime.Extensions (>= 4.3) - framework: dnxcore50, >= netstandard13
      System.Runtime.Handles (>= 4.3) - framework: dnxcore50, >= netstandard13
      System.Runtime.InteropServices (>= 4.3) - framework: dnxcore50, >= netstandard13
      System.Security.Principal.Windows (>= 4.3) - framework: >= netstandard13
      System.Threading (>= 4.3) - framework: dnxcore50, >= netstandard13
      System.Threading.Tasks (>= 4.3) - framework: dnxcore50, >= netstandard13
    System.Net.Primitives (4.3) - framework: >= netstandard13
      Microsoft.NETCore.Platforms (>= 1.1) - framework: dnxcore50, netstandard10, netstandard11, >= netstandard13
      Microsoft.NETCore.Targets (>= 1.1) - framework: dnxcore50, netstandard10, netstandard11, >= netstandard13
      System.Runtime (>= 4.3) - framework: dnxcore50, netstandard10, netstandard11, >= netstandard13
      System.Runtime.Handles (>= 4.3) - framework: dnxcore50, >= netstandard13
    System.Net.Requests (4.3) - framework: >= netstandard13
      Microsoft.NETCore.Platforms (>= 1.1) - framework: >= netstandard13
      System.Collections (>= 4.3) - framework: dnxcore50, >= netstandard13
      System.Diagnostics.Debug (>= 4.3) - framework: dnxcore50, >= netstandard13
      System.Diagnostics.Tracing (>= 4.3) - framework: dnxcore50, >= netstandard13
      System.Globalization (>= 4.3) - framework: dnxcore50, >= netstandard13
      System.IO (>= 4.3) - framework: dnxcore50, netstandard10, netstandard11, >= netstandard13
      System.Net.Http (>= 4.3) - framework: dnxcore50, >= netstandard13
      System.Net.Primitives (>= 4.3) - framework: dnxcore50, netstandard10, netstandard11, >= netstandard13
      System.Net.WebHeaderCollection (>= 4.3) - framework: dnxcore50, >= netstandard13
      System.Resources.ResourceManager (>= 4.3) - framework: dnxcore50, >= netstandard13
      System.Runtime (>= 4.3) - framework: dnxcore50, netstandard10, netstandard11, >= netstandard13
      System.Threading (>= 4.3) - framework: dnxcore50, >= netstandard13
      System.Threading.Tasks (>= 4.3) - framework: dnxcore50, netstandard11, >= netstandard13
    System.Net.Sockets (4.3) - framework: >= netstandard13
      Microsoft.NETCore.Platforms (>= 1.1) - framework: >= netstandard13
      Microsoft.NETCore.Targets (>= 1.1) - framework: >= netstandard13
      System.IO (>= 4.3) - framework: >= netstandard13
      System.Net.Primitives (>= 4.3) - framework: >= netstandard13
      System.Runtime (>= 4.3) - framework: >= netstandard13
      System.Threading.Tasks (>= 4.3) - framework: >= netstandard13
    System.Net.WebHeaderCollection (4.3) - framework: >= netstandard13
      System.Collections (>= 4.3) - framework: >= netstandard13
      System.Resources.ResourceManager (>= 4.3) - framework: >= netstandard13
      System.Runtime (>= 4.3) - framework: >= netstandard13
      System.Runtime.Extensions (>= 4.3) - framework: >= netstandard13
    System.Reactive (3.1.1)
      System.Reactive.PlatformServices (>= 3.1.1)
      System.Reactive.Windows.Threading (>= 3.1.1) - framework: >= net45, winv4.5.1, wpav8.1
      System.Reactive.WindowsRuntime (>= 3.1.1) - framework: winv4.5.1, wpav8.1
    System.Reactive.Core (3.1.1) - framework: >= net45, >= netstandard10, winv4.5.1, wpav8.1
      System.Reactive.Interfaces (>= 3.1.1) - framework: >= net45, >= netstandard10, netcore10
    System.Reactive.Interfaces (3.1.1) - framework: >= net45, >= netstandard10
    System.Reactive.Linq (3.1.1)
      System.Reactive.Core (>= 3.1.1) - framework: >= net45, >= netstandard10
      System.Runtime.InteropServices.WindowsRuntime (>= 4.0.1) - framework: >= netstandard10
    System.Reactive.PlatformServices (3.1.1)
      System.Reactive.Linq (>= 3.1.1)
    System.Reactive.Windows.Threading (3.1.1) - framework: >= net45, winv4.5.1, wpav8.1
      System.Reactive.Core (>= 3.1.1)
    System.Reactive.WindowsRuntime (3.1.1) - framework: winv4.5.1, wpav8.1
      System.Reactive.Linq (>= 3.1.1)
    System.Reflection (4.3) - framework: >= netstandard13
      Microsoft.NETCore.Platforms (>= 1.1) - framework: dnxcore50, netstandard10, netstandard13, >= netstandard15
      Microsoft.NETCore.Targets (>= 1.1) - framework: dnxcore50, netstandard10, netstandard13, >= netstandard15
      System.IO (>= 4.3) - framework: dnxcore50, netstandard10, netstandard13, >= netstandard15
      System.Reflection.Primitives (>= 4.3) - framework: dnxcore50, netstandard10, netstandard13, >= netstandard15
      System.Runtime (>= 4.3) - framework: dnxcore50, netstandard10, netstandard13, >= netstandard15
    System.Reflection.Extensions (4.3) - framework: >= netstandard13
      Microsoft.NETCore.Platforms (>= 1.1) - framework: dnxcore50, >= netstandard10
      Microsoft.NETCore.Targets (>= 1.1) - framework: dnxcore50, >= netstandard10
      System.Reflection (>= 4.3) - framework: dnxcore50, >= netstandard10
      System.Runtime (>= 4.3) - framework: dnxcore50, >= netstandard10
    System.Reflection.Metadata (1.4.2) - framework: >= netstandard13
      System.Collections (>= 4.3) - framework: >= netstandard11
      System.Collections.Immutable (>= 1.3.1) - framework: >= net45, >= netstandard11, monoandroid, monotouch, xamarinios, xamarinmac, winv4.5, wpav8.1
      System.Diagnostics.Debug (>= 4.3) - framework: >= netstandard11
      System.IO (>= 4.3) - framework: >= netstandard11
      System.IO.Compression (>= 4.3) - framework: >= netstandard11
      System.Linq (>= 4.3) - framework: >= netstandard11
      System.Reflection (>= 4.3) - framework: >= netstandard11
      System.Reflection.Extensions (>= 4.3) - framework: >= netstandard11
      System.Reflection.Primitives (>= 4.3) - framework: >= netstandard11
      System.Resources.ResourceManager (>= 4.3) - framework: >= netstandard11
      System.Runtime (>= 4.3) - framework: >= netstandard11
      System.Runtime.Extensions (>= 4.3) - framework: >= netstandard11
      System.Runtime.InteropServices (>= 4.3) - framework: >= netstandard11
      System.Text.Encoding (>= 4.3) - framework: >= netstandard11
      System.Text.Encoding.Extensions (>= 4.3) - framework: >= netstandard11
      System.Threading (>= 4.3) - framework: >= netstandard11
    System.Reflection.Primitives (4.3) - framework: >= netstandard13
      Microsoft.NETCore.Platforms (>= 1.1) - framework: dnxcore50, >= netstandard10
      Microsoft.NETCore.Targets (>= 1.1) - framework: dnxcore50, >= netstandard10
      System.Runtime (>= 4.3) - framework: dnxcore50, >= netstandard10
    System.Reflection.TypeExtensions (4.3) - framework: >= netstandard13
      System.Reflection (>= 4.3) - framework: >= net462, dnxcore50, netstandard13, >= netstandard15
      System.Runtime (>= 4.3) - framework: dnxcore50, netstandard13, >= netstandard15
    System.Resources.ResourceManager (4.3) - framework: >= netstandard13
      Microsoft.NETCore.Platforms (>= 1.1) - framework: dnxcore50, >= netstandard10
      Microsoft.NETCore.Targets (>= 1.1) - framework: dnxcore50, >= netstandard10
      System.Globalization (>= 4.3) - framework: dnxcore50, >= netstandard10
      System.Reflection (>= 4.3) - framework: dnxcore50, >= netstandard10
      System.Runtime (>= 4.3) - framework: dnxcore50, >= netstandard10
    System.Runtime (4.3) - framework: >= netstandard10
      Microsoft.NETCore.Platforms (>= 1.1) - framework: dnxcore50, netstandard10, netstandard12, netstandard13, >= netstandard15
      Microsoft.NETCore.Targets (>= 1.1) - framework: dnxcore50, netstandard10, netstandard12, netstandard13, >= netstandard15
    System.Runtime.Extensions (4.3) - framework: >= netstandard13
      Microsoft.NETCore.Platforms (>= 1.1) - framework: dnxcore50, netstandard10, netstandard13, >= netstandard15
      Microsoft.NETCore.Targets (>= 1.1) - framework: dnxcore50, netstandard10, netstandard13, >= netstandard15
      System.Runtime (>= 4.3) - framework: dnxcore50, netstandard10, netstandard13, >= netstandard15
    System.Runtime.Handles (4.3) - framework: >= netstandard13
      Microsoft.NETCore.Platforms (>= 1.1) - framework: >= netstandard13
      Microsoft.NETCore.Targets (>= 1.1) - framework: >= netstandard13
      System.Runtime (>= 4.3) - framework: >= netstandard13
    System.Runtime.InteropServices (4.3) - framework: >= netstandard13
      Microsoft.NETCore.Platforms (>= 1.1) - framework: dnxcore50, netstandard11, netstandard12, netstandard13, >= netstandard15
      Microsoft.NETCore.Targets (>= 1.1) - framework: dnxcore50, netstandard11, netstandard12, netstandard13, >= netstandard15
      System.Reflection (>= 4.3) - framework: dnxcore50, netstandard11, netstandard12, netstandard13, >= netstandard15
      System.Reflection.Primitives (>= 4.3) - framework: dnxcore50, netstandard11, netstandard12, netstandard13, >= netstandard15
      System.Runtime (>= 4.3) - framework: net462, >= net463, dnxcore50, netstandard11, netstandard12, netstandard13, >= netstandard15
      System.Runtime.Handles (>= 4.3) - framework: dnxcore50, netstandard13, >= netstandard15
    System.Runtime.InteropServices.RuntimeInformation (4.3) - framework: >= netstandard13
      runtime.native.System (>= 4.3) - framework: >= netstandard11
      System.Reflection (>= 4.3) - framework: dnxcore50, >= netstandard11
      System.Reflection.Extensions (>= 4.3) - framework: dnxcore50, >= netstandard11
      System.Resources.ResourceManager (>= 4.3) - framework: dnxcore50, >= netstandard11
      System.Runtime (>= 4.3) - framework: dnxcore50, >= netstandard11
      System.Runtime.InteropServices (>= 4.3) - framework: >= netstandard11
      System.Threading (>= 4.3) - framework: dnxcore50, >= netstandard11
    System.Runtime.InteropServices.WindowsRuntime (4.3) - framework: >= netstandard10
      System.Runtime (>= 4.3) - framework: dnxcore50, >= netstandard10
    System.Runtime.Numerics (4.3) - framework: >= netstandard16
      System.Globalization (>= 4.3) - framework: dnxcore50, >= netstandard13
      System.Resources.ResourceManager (>= 4.3) - framework: dnxcore50, >= netstandard13
      System.Runtime (>= 4.3) - framework: dnxcore50, netstandard11, >= netstandard13
      System.Runtime.Extensions (>= 4.3) - framework: dnxcore50, >= netstandard13
    System.Runtime.Serialization.Formatters (4.3) - framework: >= netstandard13
      System.Collections (>= 4.3) - framework: >= netstandard14
      System.Reflection (>= 4.3) - framework: >= netstandard14
      System.Resources.ResourceManager (>= 4.3) - framework: >= netstandard14
      System.Runtime (>= 4.3) - framework: >= netstandard13
      System.Runtime.Serialization.Primitives (>= 4.3) - framework: >= net46, >= netstandard13
    System.Runtime.Serialization.Primitives (4.3) - framework: >= netstandard13
      System.Resources.ResourceManager (>= 4.3) - framework: dnxcore50, >= netstandard13
      System.Runtime (>= 4.3) - framework: dnxcore50, netstandard10, >= netstandard13
    System.Security.Claims (4.3) - framework: >= netstandard13
      System.Collections (>= 4.3) - framework: >= netstandard13
      System.Globalization (>= 4.3) - framework: >= netstandard13
      System.IO (>= 4.3) - framework: >= netstandard13
      System.Resources.ResourceManager (>= 4.3) - framework: >= netstandard13
      System.Runtime (>= 4.3) - framework: >= netstandard13
      System.Runtime.Extensions (>= 4.3) - framework: >= netstandard13
      System.Security.Principal (>= 4.3) - framework: >= netstandard13
    System.Security.Cryptography.Algorithms (4.3) - framework: netstandard13, >= netstandard16
      Microsoft.NETCore.Platforms (>= 1.1) - framework: dnxcore50, >= netstandard16
      runtime.native.System.Security.Cryptography.Apple (>= 4.3) - framework: >= netstandard16
      runtime.native.System.Security.Cryptography.OpenSsl (>= 4.3) - framework: >= netstandard16
      System.Collections (>= 4.3) - framework: >= netstandard16
      System.IO (>= 4.3) - framework: >= net463, dnxcore50, netstandard13, netstandard14, >= netstandard16
      System.Resources.ResourceManager (>= 4.3) - framework: dnxcore50, >= netstandard16
      System.Runtime (>= 4.3) - framework: >= net463, dnxcore50, netstandard13, netstandard14, >= netstandard16
      System.Runtime.Extensions (>= 4.3) - framework: dnxcore50, >= netstandard16
      System.Runtime.Handles (>= 4.3) - framework: dnxcore50, >= netstandard16
      System.Runtime.InteropServices (>= 4.3) - framework: dnxcore50, >= netstandard16
      System.Runtime.Numerics (>= 4.3) - framework: >= netstandard16
      System.Security.Cryptography.Encoding (>= 4.3) - framework: >= net463, dnxcore50, >= netstandard16
      System.Security.Cryptography.Primitives (>= 4.3) - framework: net46, net461, >= net463, dnxcore50, netstandard13, netstandard14, >= netstandard16
      System.Text.Encoding (>= 4.3) - framework: dnxcore50, >= netstandard16
    System.Security.Cryptography.Cng (4.3) - framework: >= netstandard16
      Microsoft.NETCore.Platforms (>= 1.1) - framework: netstandard14, >= netstandard16
      System.IO (>= 4.3) - framework: netstandard13, netstandard14, >= netstandard16
      System.Resources.ResourceManager (>= 4.3) - framework: netstandard14, >= netstandard16
      System.Runtime (>= 4.3) - framework: netstandard13, netstandard14, >= netstandard16
      System.Runtime.Extensions (>= 4.3) - framework: netstandard14, >= netstandard16
      System.Runtime.Handles (>= 4.3) - framework: netstandard13, netstandard14, >= netstandard16
      System.Runtime.InteropServices (>= 4.3) - framework: netstandard14, >= netstandard16
      System.Security.Cryptography.Algorithms (>= 4.3) - framework: net46, net461, >= net463, netstandard13, netstandard14, >= netstandard16
      System.Security.Cryptography.Encoding (>= 4.3) - framework: netstandard14, >= netstandard16
      System.Security.Cryptography.Primitives (>= 4.3) - framework: net46, net461, >= net463, netstandard13, netstandard14, >= netstandard16
      System.Text.Encoding (>= 4.3) - framework: netstandard14, >= netstandard16
    System.Security.Cryptography.Csp (4.3) - framework: >= netstandard16
      Microsoft.NETCore.Platforms (>= 1.1) - framework: >= netstandard13
      System.IO (>= 4.3) - framework: >= netstandard13
      System.Reflection (>= 4.3) - framework: >= netstandard13
      System.Resources.ResourceManager (>= 4.3) - framework: >= netstandard13
      System.Runtime (>= 4.3) - framework: >= netstandard13
      System.Runtime.Extensions (>= 4.3) - framework: >= netstandard13
      System.Runtime.Handles (>= 4.3) - framework: >= netstandard13
      System.Runtime.InteropServices (>= 4.3) - framework: >= netstandard13
      System.Security.Cryptography.Algorithms (>= 4.3) - framework: >= net46, >= netstandard13
      System.Security.Cryptography.Encoding (>= 4.3) - framework: >= netstandard13
      System.Security.Cryptography.Primitives (>= 4.3) - framework: >= net46, >= netstandard13
      System.Text.Encoding (>= 4.3) - framework: >= netstandard13
      System.Threading (>= 4.3) - framework: >= netstandard13
    System.Security.Cryptography.Encoding (4.3) - framework: netstandard13, >= netstandard16
      Microsoft.NETCore.Platforms (>= 1.1) - framework: >= netstandard13
      runtime.native.System.Security.Cryptography.OpenSsl (>= 4.3) - framework: >= netstandard13
      System.Collections (>= 4.3) - framework: >= netstandard13
      System.Collections.Concurrent (>= 4.3) - framework: >= netstandard13
      System.Linq (>= 4.3) - framework: >= netstandard13
      System.Resources.ResourceManager (>= 4.3) - framework: >= netstandard13
      System.Runtime (>= 4.3) - framework: >= netstandard13
      System.Runtime.Extensions (>= 4.3) - framework: >= netstandard13
      System.Runtime.Handles (>= 4.3) - framework: >= netstandard13
      System.Runtime.InteropServices (>= 4.3) - framework: >= netstandard13
      System.Security.Cryptography.Primitives (>= 4.3) - framework: >= netstandard13
      System.Text.Encoding (>= 4.3) - framework: >= netstandard13
    System.Security.Cryptography.OpenSsl (4.3) - framework: >= netstandard16
      runtime.native.System.Security.Cryptography.OpenSsl (>= 4.3)
      System.Collections (>= 4.3) - framework: >= netstandard16
      System.IO (>= 4.3) - framework: >= net463, >= netstandard16
      System.Resources.ResourceManager (>= 4.3) - framework: >= netstandard16
      System.Runtime (>= 4.3) - framework: >= net463, >= netstandard16
      System.Runtime.Extensions (>= 4.3) - framework: >= net463, >= netstandard16
      System.Runtime.Handles (>= 4.3) - framework: >= netstandard16
      System.Runtime.InteropServices (>= 4.3) - framework: >= netstandard16
      System.Runtime.Numerics (>= 4.3) - framework: >= netstandard16
      System.Security.Cryptography.Algorithms (>= 4.3) - framework: >= net463, >= netstandard16
      System.Security.Cryptography.Encoding (>= 4.3) - framework: >= net463, >= netstandard16
      System.Security.Cryptography.Primitives (>= 4.3) - framework: >= net463, >= netstandard16
      System.Text.Encoding (>= 4.3) - framework: >= netstandard16
    System.Security.Cryptography.Primitives (4.3) - framework: netstandard13, >= netstandard16
      System.Diagnostics.Debug (>= 4.3) - framework: >= netstandard13
      System.Globalization (>= 4.3) - framework: >= netstandard13
      System.IO (>= 4.3) - framework: >= netstandard13
      System.Resources.ResourceManager (>= 4.3) - framework: >= netstandard13
      System.Runtime (>= 4.3) - framework: >= netstandard13
      System.Threading (>= 4.3) - framework: >= netstandard13
      System.Threading.Tasks (>= 4.3) - framework: >= netstandard13
    System.Security.Cryptography.X509Certificates (4.3) - framework: netstandard13, >= netstandard16
      Microsoft.NETCore.Platforms (>= 1.1) - framework: dnxcore50, >= netstandard16
      runtime.native.System (>= 4.3) - framework: >= netstandard16
      runtime.native.System.Net.Http (>= 4.3) - framework: >= netstandard16
      runtime.native.System.Security.Cryptography.OpenSsl (>= 4.3) - framework: >= netstandard16
      System.Collections (>= 4.3) - framework: dnxcore50, >= netstandard16
      System.Diagnostics.Debug (>= 4.3) - framework: >= netstandard16
      System.Globalization (>= 4.3) - framework: dnxcore50, >= netstandard16
      System.Globalization.Calendars (>= 4.3) - framework: dnxcore50, >= netstandard16
      System.IO (>= 4.3) - framework: dnxcore50, >= netstandard16
      System.IO.FileSystem (>= 4.3) - framework: dnxcore50, >= netstandard16
      System.IO.FileSystem.Primitives (>= 4.3) - framework: >= netstandard16
      System.Resources.ResourceManager (>= 4.3) - framework: dnxcore50, >= netstandard16
      System.Runtime (>= 4.3) - framework: dnxcore50, netstandard13, netstandard14, >= netstandard16
      System.Runtime.Extensions (>= 4.3) - framework: dnxcore50, >= netstandard16
      System.Runtime.Handles (>= 4.3) - framework: dnxcore50, netstandard13, netstandard14, >= netstandard16
      System.Runtime.InteropServices (>= 4.3) - framework: dnxcore50, >= netstandard16
      System.Runtime.Numerics (>= 4.3) - framework: dnxcore50, >= netstandard16
      System.Security.Cryptography.Algorithms (>= 4.3) - framework: net46, >= net461, dnxcore50, netstandard13, netstandard14, >= netstandard16
      System.Security.Cryptography.Cng (>= 4.3) - framework: dnxcore50, >= netstandard16
      System.Security.Cryptography.Csp (>= 4.3) - framework: >= netstandard16
      System.Security.Cryptography.Encoding (>= 4.3) - framework: net46, >= net461, dnxcore50, netstandard13, netstandard14, >= netstandard16
      System.Security.Cryptography.OpenSsl (>= 4.3) - framework: >= netstandard16
      System.Security.Cryptography.Primitives (>= 4.3) - framework: dnxcore50, >= netstandard16
      System.Text.Encoding (>= 4.3) - framework: dnxcore50, >= netstandard16
      System.Threading (>= 4.3) - framework: dnxcore50, >= netstandard16
    System.Security.Principal (4.3) - framework: >= netstandard13
      System.Runtime (>= 4.3) - framework: dnxcore50, >= netstandard10
    System.Security.Principal.Windows (4.3) - framework: >= netstandard13
      Microsoft.NETCore.Platforms (>= 1.1) - framework: >= netstandard13
      Microsoft.Win32.Primitives (>= 4.3) - framework: >= netstandard13
      System.Collections (>= 4.3) - framework: >= netstandard13
      System.Diagnostics.Debug (>= 4.3) - framework: >= netstandard13
      System.Reflection (>= 4.3) - framework: >= netstandard13
      System.Resources.ResourceManager (>= 4.3) - framework: >= netstandard13
      System.Runtime (>= 4.3) - framework: >= netstandard13
      System.Runtime.Extensions (>= 4.3) - framework: >= netstandard13
      System.Runtime.Handles (>= 4.3) - framework: >= netstandard13
      System.Runtime.InteropServices (>= 4.3) - framework: >= netstandard13
      System.Security.Claims (>= 4.3) - framework: >= net46, >= netstandard13
      System.Security.Principal (>= 4.3) - framework: >= netstandard13
      System.Text.Encoding (>= 4.3) - framework: >= netstandard13
      System.Threading (>= 4.3) - framework: >= netstandard13
    System.Text.Encoding (4.3) - framework: >= netstandard13
      Microsoft.NETCore.Platforms (>= 1.1) - framework: dnxcore50, netstandard10, >= netstandard13
      Microsoft.NETCore.Targets (>= 1.1) - framework: dnxcore50, netstandard10, >= netstandard13
      System.Runtime (>= 4.3) - framework: dnxcore50, netstandard10, >= netstandard13
    System.Text.Encoding.Extensions (4.3) - framework: >= netstandard13
      Microsoft.NETCore.Platforms (>= 1.1) - framework: dnxcore50, netstandard10, >= netstandard13
      Microsoft.NETCore.Targets (>= 1.1) - framework: dnxcore50, netstandard10, >= netstandard13
      System.Runtime (>= 4.3) - framework: dnxcore50, netstandard10, >= netstandard13
      System.Text.Encoding (>= 4.3) - framework: dnxcore50, netstandard10, >= netstandard13
    System.Text.RegularExpressions (4.3) - framework: >= netstandard13
      System.Collections (>= 4.3) - framework: dnxcore50, >= netstandard16
      System.Globalization (>= 4.3) - framework: dnxcore50, >= netstandard16
      System.Resources.ResourceManager (>= 4.3) - framework: dnxcore50, >= netstandard16
      System.Runtime (>= 4.3) - framework: dnxcore50, netstandard10, netstandard13, >= netstandard16
      System.Runtime.Extensions (>= 4.3) - framework: dnxcore50, >= netstandard16
      System.Threading (>= 4.3) - framework: dnxcore50, >= netstandard16
    System.Threading (4.3) - framework: >= netstandard13
      System.Runtime (>= 4.3) - framework: dnxcore50, netstandard10, >= netstandard13
      System.Threading.Tasks (>= 4.3) - framework: dnxcore50, netstandard10, >= netstandard13
    System.Threading.Overlapped (4.3) - framework: >= netstandard13
      Microsoft.NETCore.Platforms (>= 1.1) - framework: dnxcore50, >= netstandard13
      System.Resources.ResourceManager (>= 4.3) - framework: dnxcore50, >= netstandard13
      System.Runtime (>= 4.3) - framework: dnxcore50, >= netstandard13
      System.Runtime.Handles (>= 4.3) - framework: dnxcore50, >= netstandard13
    System.Threading.Tasks (4.3) - framework: >= netstandard13
      Microsoft.NETCore.Platforms (>= 1.1) - framework: dnxcore50, netstandard10, >= netstandard13
      Microsoft.NETCore.Targets (>= 1.1) - framework: dnxcore50, netstandard10, >= netstandard13
      System.Runtime (>= 4.3) - framework: dnxcore50, netstandard10, >= netstandard13
    System.Threading.Tasks.Extensions (4.3) - framework: >= netstandard13
      System.Collections (>= 4.3) - framework: >= netstandard10
      System.Runtime (>= 4.3) - framework: >= netstandard10
      System.Threading.Tasks (>= 4.3) - framework: >= netstandard10
    System.Threading.Thread (4.3) - framework: >= netstandard13
      System.Runtime (>= 4.3) - framework: >= netstandard13
    System.Threading.ThreadPool (4.3) - framework: >= netstandard14
      System.Runtime (>= 4.3) - framework: >= netstandard13
      System.Runtime.Handles (>= 4.3) - framework: >= netstandard13
    System.Threading.Timer (4.3) - framework: >= netstandard13
      Microsoft.NETCore.Platforms (>= 1.1) - framework: dnxcore50, >= netstandard12
      Microsoft.NETCore.Targets (>= 1.1) - framework: dnxcore50, >= netstandard12
      System.Runtime (>= 4.3) - framework: dnxcore50, >= netstandard12
    System.Xml.ReaderWriter (4.3) - framework: >= netstandard13
      System.Collections (>= 4.3) - framework: dnxcore50, >= netstandard13
      System.Diagnostics.Debug (>= 4.3) - framework: dnxcore50, >= netstandard13
      System.Globalization (>= 4.3) - framework: dnxcore50, >= netstandard13
      System.IO (>= 4.3) - framework: dnxcore50, netstandard10, >= netstandard13
      System.IO.FileSystem (>= 4.3) - framework: dnxcore50, >= netstandard13
      System.IO.FileSystem.Primitives (>= 4.3) - framework: dnxcore50, >= netstandard13
      System.Resources.ResourceManager (>= 4.3) - framework: dnxcore50, >= netstandard13
      System.Runtime (>= 4.3) - framework: dnxcore50, netstandard10, >= netstandard13
      System.Runtime.Extensions (>= 4.3) - framework: dnxcore50, >= netstandard13
      System.Runtime.InteropServices (>= 4.3) - framework: dnxcore50, >= netstandard13
      System.Text.Encoding (>= 4.3) - framework: dnxcore50, netstandard10, >= netstandard13
      System.Text.Encoding.Extensions (>= 4.3) - framework: dnxcore50, >= netstandard13
      System.Text.RegularExpressions (>= 4.3) - framework: dnxcore50, >= netstandard13
      System.Threading.Tasks (>= 4.3) - framework: dnxcore50, netstandard10, >= netstandard13
      System.Threading.Tasks.Extensions (>= 4.3) - framework: dnxcore50, >= netstandard13
    System.Xml.XmlDocument (4.3) - framework: >= netstandard13
      System.Collections (>= 4.3) - framework: >= netstandard13
      System.Diagnostics.Debug (>= 4.3) - framework: >= netstandard13
      System.Globalization (>= 4.3) - framework: >= netstandard13
      System.IO (>= 4.3) - framework: >= netstandard13
      System.Resources.ResourceManager (>= 4.3) - framework: >= netstandard13
      System.Runtime (>= 4.3) - framework: >= netstandard13
      System.Runtime.Extensions (>= 4.3) - framework: >= netstandard13
      System.Text.Encoding (>= 4.3) - framework: >= netstandard13
      System.Threading (>= 4.3) - framework: >= netstandard13
      System.Xml.ReaderWriter (>= 4.3) - framework: >= netstandard13
GITHUB
  remote: WarwickEPR/Endorphin.Core
    src/Endorphin.Core.Choice.fs (c851392b578adf8846c4a8ec55d20000f8d4445c)
    src/Endorphin.Core.Control.fs (c851392b578adf8846c4a8ec55d20000f8d4445c)
    src/Endorphin.Core.Reactive.fs (c851392b578adf8846c4a8ec55d20000f8d4445c)
GROUP Build
NUGET
  remote: https://www.nuget.org/api/v2
    FAKE (4.48)
    FSharp.Compiler.Service (2.0.0.6)
    FSharp.Formatting (2.14.4)
      FSharp.Compiler.Service (2.0.0.6)
      FSharpVSPowerTools.Core (>= 2.3 < 2.4)
    FSharpVSPowerTools.Core (2.3)
      FSharp.Compiler.Service (>= 2.0.0.3)
    Microsoft.Bcl (1.1.10) - framework: net10, net11, net20, net30, net35, net40, net40-full
      Microsoft.Bcl.Build (>= 1.0.14)
    Microsoft.Bcl.Build (1.0.21) - import_targets: false, framework: net10, net11, net20, net30, net35, net40, net40-full
    Microsoft.Net.Http (2.2.29) - framework: net10, net11, net20, net30, net35, net40, net40-full
      Microsoft.Bcl (>= 1.1.10)
      Microsoft.Bcl.Build (>= 1.0.14)
    Octokit (0.23)
      Microsoft.Net.Http  - framework: net10, net11, net20, net30, net35, net40, net40-full
    SourceLink.Fake (1.1)
GITHUB
  remote: fsharp/FAKE
    modules/Octokit/Octokit.fsx (4c38cad5f0a1d3f29c22e50ef2bff189be47c730)
      Octokit (>= 0.20)